PATH
  remote: .
  specs:
    bananasplit (2.0.2)

GEM
  remote: https://rubygems.org/
  specs:
    archive-tar-minitar (0.5.2)
    columnize (0.3.6)
    contest (0.1.3)
    linecache19 (0.5.12)
      ruby_core_source (>= 0.1.4)
    minitest (2.12.1)
    pg (0.14.1)
    rake (0.8.7)
    ruby-debug-base19 (0.11.25)
      columnize (>= 0.3.1)
      linecache19 (>= 0.5.11)
      ruby_core_source (>= 0.1.4)
    ruby-debug19 (0.11.6)
      columnize (>= 0.3.1)
      linecache19 (>= 0.5.11)
      ruby-debug-base19 (>= 0.11.19)
    ruby_core_source (0.1.5)
      archive-tar-minitar (>= 0.5.2)
    sequel (3.48.0)

PLATFORMS
  ruby

DEPENDENCIES
  bananasplit!
  contest
  minitest
  pg
  rake (= 0.8.7)
  ruby-debug19
  sequel
